PATH
  remote: .
  specs:
    yabeda-faktory (0.1.0)
      faktory_worker_ruby (~> 1.0)
      yabeda (~> 0.2)

GEM
  remote: https://rubygems.org/
  specs:
    activejob (6.1.2)
      activesupport (= 6.1.2)
      globalid (>= 0.3.6)
    activesupport (6.1.2)
      concurrent-ruby (~> 1.0, >= 1.0.2)
      i18n (>= 1.6, < 2)
      minitest (>= 5.1)
      tzinfo (~> 2.0)
      zeitwerk (~> 2.3)
    byebug (11.1.3)
    coderay (1.1.3)
    concurrent-ruby (1.1.8)
    connection_pool (2.2.3)
    diff-lcs (1.4.4)
    dry-initializer (3.0.4)
    faktory_worker_ruby (1.0.3)
      connection_pool (~> 2.2, >= 2.2.2)
    globalid (0.4.2)
      activesupport (>= 4.2.0)
    i18n (1.8.8)
      concurrent-ruby (~> 1.0)
    method_source (1.0.0)
    minitest (5.14.3)
    pry (0.13.1)
      coderay (~> 1.1)
      method_source (~> 1.0)
    pry-byebug (3.9.0)
      byebug (~> 11.0)
      pry (~> 0.13.0)
    pry-inline (1.0.7)
      pry (> 0.10.0)
      unicode (~> 0.4.4)
    rake (13.0.3)
    rspec (3.10.0)
      rspec-core (~> 3.10.0)
      rspec-expectations (~> 3.10.0)
      rspec-mocks (~> 3.10.0)
    rspec-core (3.10.1)
      rspec-support (~> 3.10.0)
    rspec-expectations (3.10.1)
      diff-lcs (>= 1.2.0, < 2.0)
      rspec-support (~> 3.10.0)
    rspec-mocks (3.10.2)
      diff-lcs (>= 1.2.0, < 2.0)
      rspec-support (~> 3.10.0)
    rspec-support (3.10.2)
    tzinfo (2.0.4)
      concurrent-ruby (~> 1.0)
    unicode (0.4.4.4)
    yabeda (0.8.0)
      concurrent-ruby
      dry-initializer
    zeitwerk (2.4.2)

PLATFORMS
  ruby

DEPENDENCIES
  activejob (>= 6.0)
  bundler (~> 2.0)
  pry
  pry-byebug
  pry-inline
  rake (~> 13.0)
  rspec (~> 3.0)
  yabeda-faktory!

BUNDLED WITH
   2.2.9
