GIT
  remote: https://github.com/contribsys/faktory_worker_ruby.git
  revision: 154aafb79946d7d33614234dd6aaa56d10e535cd
  specs:
    faktory_worker_ruby (1.0.0)
      connection_pool (~> 2.2, >= 2.2.2)

PATH
  remote: .
  specs:
    yabeda-faktory (0.1.0)
      faktory_worker_ruby (~> 1.0)
      yabeda (~> 0.2)

GEM
  remote: https://rubygems.org/
  specs:
    activejob (6.0.2.2)
      activesupport (= 6.0.2.2)
      globalid (>= 0.3.6)
    activesupport (6.0.2.2)
      concurrent-ruby (~> 1.0, >= 1.0.2)
      i18n (>= 0.7, < 2)
      minitest (~> 5.1)
      tzinfo (~> 1.1)
      zeitwerk (~> 2.2)
    byebug (11.1.2)
    coderay (1.1.2)
    concurrent-ruby (1.1.6)
    connection_pool (2.2.2)
    diff-lcs (1.3)
    dry-initializer (3.0.3)
    globalid (0.4.2)
      activesupport (>= 4.2.0)
    i18n (1.8.2)
      concurrent-ruby (~> 1.0)
    method_source (0.9.2)
    minitest (5.14.0)
    pry (0.12.2)
      coderay (~> 1.1.0)
      method_source (~> 0.9.0)
    pry-byebug (3.8.0)
      byebug (~> 11.0)
      pry (~> 0.10)
    pry-inline (1.0.5)
      pry (> 0.10.0, <= 0.12.2)
      unicode (~> 0.4.4)
    rake (13.0.1)
    rspec (3.9.0)
      rspec-core (~> 3.9.0)
      rspec-expectations (~> 3.9.0)
      rspec-mocks (~> 3.9.0)
    rspec-core (3.9.1)
      rspec-support (~> 3.9.1)
    rspec-expectations (3.9.1)
      diff-lcs (>= 1.2.0, < 2.0)
      rspec-support (~> 3.9.0)
    rspec-mocks (3.9.1)
      diff-lcs (>= 1.2.0, < 2.0)
      rspec-support (~> 3.9.0)
    rspec-support (3.9.2)
    thread_safe (0.3.6)
    tzinfo (1.2.7)
      thread_safe (~> 0.1)
    unicode (0.4.4.4)
    yabeda (0.5.0)
      concurrent-ruby
      dry-initializer
    zeitwerk (2.3.0)

PLATFORMS
  ruby

DEPENDENCIES
  activejob (>= 6.0)
  bundler (~> 2.0)
  faktory_worker_ruby!
  pry
  pry-byebug
  pry-inline
  rake (~> 13.0)
  rspec (~> 3.0)
  yabeda-faktory!

BUNDLED WITH
   2.1.4
